NUGET
  remote: https://api.nuget.org/v3/index.json
    Expecto (9.0)
      FSharp.Core (>= 4.6) - restriction: || (>= net461) (>= netstandard2.0)
      Mono.Cecil (>= 0.11.2) - restriction: || (>= net461) (>= netstandard2.0)
    FParsec (1.1.1)
      FSharp.Core (>= 4.3.4) - restriction: || (>= net45) (>= netstandard2.0)
      System.ValueTuple (>= 4.4) - restriction: >= net45
    FSharp.Core (4.7.1)
    FSharp.Data (3.3.3)
      FSharp.Core (>= 4.0.0.1) - restriction: >= net45
      FSharp.Core (>= 4.3.4) - restriction: && (< net45) (>= netstandard2.0)
    Mono.Cecil (0.11.2) - restriction: || (>= net461) (>= netstandard2.0)
    System.ValueTuple (4.5) - restriction: >= net45
